GEM
  remote: https://rubygems.org/
  specs:
    addressable (2.3.5)
    coffee-script (2.2.0)
      coffee-script-source
      execjs
    coffee-script-source (1.7.0)
    dotenv (0.9.0)
    execjs (2.0.2)
    faraday (0.9.0)
      multipart-post (>= 1.2, < 3)
    git (1.2.6)
    multipart-post (2.0.0)
    octokit (2.7.1)
      sawyer (~> 0.5.2)
    rack (1.5.2)
    rack-coffee (1.0.2)
      coffee-script
      rack
    rack-protection (1.5.2)
      rack
    rack-ssl-enforcer (0.2.6)
    redis (3.0.7)
    sawyer (0.5.3)
      addressable (~> 2.3.5)
      faraday (~> 0.8, < 0.10)
    sinatra (1.4.4)
      rack (~> 1.4)
      rack-protection (~> 1.4)
      tilt (~> 1.3, >= 1.3.4)
    sinatra_auth_github (1.0.0)
      sinatra (~> 1.0)
      warden-github (~> 1.0)
    tilt (1.4.1)
    warden (1.2.3)
      rack (>= 1.0)
    warden-github (1.0.0)
      octokit (> 2.1.0)
      warden (> 1.0)

PLATFORMS
  ruby

DEPENDENCIES
  dotenv
  git
  octokit
  rack-coffee
  rack-ssl-enforcer
  redis
  sinatra
  sinatra_auth_github
